GEM
  remote: https://rubygems.org/
  specs:
    rpi_gpio (0.3.3)

PLATFORMS
  ruby

DEPENDENCIES
  rpi_gpio (~> 0.3.3)

BUNDLED WITH
   2.1.4
